GEM
  remote: https://rubygems.org/
  specs:
    ast (2.4.0)
    opal (1.0.0)
      ast (>= 2.3.0)
      parser (= 2.5.3.0)
    opal-browser (0.2.0)
      opal
      paggio
    paggio (0.2.6)
    parser (2.5.3.0)
      ast (~> 2.4.0)
    rake (12.3.3)

PLATFORMS
  ruby
  x64-mingw32

DEPENDENCIES
  opal
  opal-browser
  paggio
  rake

BUNDLED WITH
   2.0.1
